PATH
  remote: .
  specs:
    sidekiq_queue_metrics (2.1.1)
      eldritch
      redlock
      sidekiq (>= 5.1)

GEM
  remote: http://rubygems.org/
  specs:
    concurrent-ruby (1.0.5)
    connection_pool (2.2.2)
    diff-lcs (1.3)
    eldritch (1.1.3)
      reentrant_mutex (~> 1.1.0)
    fakeredis (0.7.0)
      redis (>= 3.2, < 5.0)
    rack (2.0.6)
    rack-protection (2.0.3)
      rack
    redis (4.0.1)
    redlock (1.0.1)
      redis (>= 3.0.0, < 5.0)
    reentrant_mutex (1.1.1)
    rspec (3.7.0)
      rspec-core (~> 3.7.0)
      rspec-expectations (~> 3.7.0)
      rspec-mocks (~> 3.7.0)
    rspec-core (3.7.1)
      rspec-support (~> 3.7.0)
    rspec-expectations (3.7.0)
      diff-lcs (>= 1.2.0, < 2.0)
      rspec-support (~> 3.7.0)
    rspec-mocks (3.7.0)
      diff-lcs (>= 1.2.0, < 2.0)
      rspec-support (~> 3.7.0)
    rspec-support (3.7.1)
    sidekiq (5.1.3)
      concurrent-ruby (~> 1.0)
      connection_pool (~> 2.2, >= 2.2.0)
      rack-protection (>= 1.5.0)
      redis (>= 3.3.5, < 5)

PLATFORMS
  ruby

DEPENDENCIES
  bundler (~> 1.5)
  eldritch
  fakeredis
  rspec
  sidekiq
  sidekiq_queue_metrics!

BUNDLED WITH
   1.16.6
